NUGET
  remote: http://www.nuget.org/api/v2
  specs:
    JetBrains.Annotations (10.1.4)
      System.Runtime (>= 4.0) - framework: dnxcore50
    NUnit (3.2.1)
    Ookii.Dialogs (1.0)
    System.Private.Uri (4.0) - framework: dnxcore50
    System.Runtime (4.0.20) - framework: dnxcore50
      System.Private.Uri (>= 4.0) - framework: dnxcore50
