NUGET
  remote: http://www.nuget.org/api/v2
    NUnit (3.2.1)
    Ookii.Dialogs (1.0)

GROUP Analyzers
NUGET
  remote: http://www.nuget.org/api/v2
    AsyncUsageAnalyzers (1.0.0-alpha003)
    Gu.Analyzers (1.2.13-dev)
    IDisposableAnalyzers (2.0.2.2)
    PropertyChangedAnalyzers (2.5.12)
    StyleCop.Analyzers (1.0.2)
    WpfAnalyzers (2.1.4)
